NUGET
  remote: https://www.nuget.org/api/v2
  specs:
    AssimpNet (3.3.1)
    FAKE (4.22.6)
    OpenTK (1.1.2225)
